GEM
  remote: https://rubygems.org/
  specs:
    os (1.1.4)

PLATFORMS
  arm64-darwin-22
  ruby

DEPENDENCIES
  os

BUNDLED WITH
   2.5.6
